GEM
  remote: https://rubygems.org/
  specs:
    digest (3.1.0)
    google-protobuf (3.21.1)
    googleapis-common-protos-types (1.3.1)
      google-protobuf (~> 3.14)
    mail (2.7.1)
      mini_mime (>= 0.1.1)
    mini_mime (1.1.2)
    mustermann (1.1.1)
      ruby2_keywords (~> 0.0.1)
    net-protocol (0.1.3)
      timeout
    net-smtp (0.3.1)
      digest
      net-protocol
      timeout
    nio4r (2.5.8)
    opentelemetry-api (1.0.2)
    opentelemetry-common (0.19.6)
      opentelemetry-api (~> 1.0)
    opentelemetry-exporter-otlp (0.21.3)
      google-protobuf (~> 3.19)
      googleapis-common-protos-types (~> 1.3)
      opentelemetry-api (~> 1.0)
      opentelemetry-common (~> 0.19.3)
      opentelemetry-sdk (~> 1.0)
      opentelemetry-semantic_conventions
    opentelemetry-instrumentation-action_pack (0.1.4)
      opentelemetry-api (~> 1.0)
      opentelemetry-instrumentation-base (~> 0.20.0)
      opentelemetry-instrumentation-rack (~> 0.20.0)
    opentelemetry-instrumentation-action_view (0.2.1)
      opentelemetry-api (~> 1.0.0)
      opentelemetry-instrumentation-active_support (~> 0.1.0)
      opentelemetry-instrumentation-base (~> 0.20.0)
    opentelemetry-instrumentation-active_job (0.2.0)
      opentelemetry-api (~> 1.0)
      opentelemetry-instrumentation-base (~> 0.20.0)
    opentelemetry-instrumentation-active_model_serializers (0.18.5)
      opentelemetry-api (~> 1.0)
      opentelemetry-instrumentation-base (~> 0.20.0)
    opentelemetry-instrumentation-active_record (0.3.0)
      opentelemetry-api (~> 1.0)
      opentelemetry-instrumentation-base (~> 0.20.0)
      ruby2_keywords
    opentelemetry-instrumentation-active_support (0.1.2)
      opentelemetry-api (~> 1.0)
      opentelemetry-instrumentation-base (~> 0.20.0)
    opentelemetry-instrumentation-all (0.24.1)
      opentelemetry-instrumentation-action_pack (~> 0.1.4)
      opentelemetry-instrumentation-action_view (~> 0.2.1)
      opentelemetry-instrumentation-active_job (~> 0.2.0)
      opentelemetry-instrumentation-active_model_serializers (~> 0.18.5)
      opentelemetry-instrumentation-active_record (~> 0.3.0)
      opentelemetry-instrumentation-active_support (~> 0.1.0)
      opentelemetry-instrumentation-aws_sdk (~> 0.2.3)
      opentelemetry-instrumentation-bunny (~> 0.18.3)
      opentelemetry-instrumentation-concurrent_ruby (~> 0.19.1)
      opentelemetry-instrumentation-dalli (~> 0.21.0)
      opentelemetry-instrumentation-delayed_job (~> 0.18.5)
      opentelemetry-instrumentation-ethon (~> 0.19.2)
      opentelemetry-instrumentation-excon (~> 0.19.2)
      opentelemetry-instrumentation-faraday (~> 0.20.0)
      opentelemetry-instrumentation-graphql (~> 0.19.1)
      opentelemetry-instrumentation-http (~> 0.19.5)
      opentelemetry-instrumentation-http_client (~> 0.19.2)
      opentelemetry-instrumentation-koala (~> 0.18.3)
      opentelemetry-instrumentation-lmdb (~> 0.20.0)
      opentelemetry-instrumentation-mongo (~> 0.19.0)
      opentelemetry-instrumentation-mysql2 (~> 0.20.0)
      opentelemetry-instrumentation-net_http (~> 0.19.2)
      opentelemetry-instrumentation-pg (~> 0.20.0)
      opentelemetry-instrumentation-que (~> 0.3.0)
      opentelemetry-instrumentation-rack (~> 0.20.2)
      opentelemetry-instrumentation-rails (~> 0.21.0)
      opentelemetry-instrumentation-rdkafka (~> 0.1.0)
      opentelemetry-instrumentation-redis (~> 0.22.0)
      opentelemetry-instrumentation-resque (~> 0.2.0)
      opentelemetry-instrumentation-restclient (~> 0.19.4)
      opentelemetry-instrumentation-ruby_kafka (~> 0.18.6)
      opentelemetry-instrumentation-sidekiq (~> 0.21.0)
      opentelemetry-instrumentation-sinatra (~> 0.19.4)
      opentelemetry-instrumentation-trilogy (~> 0.50.0)
    opentelemetry-instrumentation-aws_sdk (0.2.3)
      opentelemetry-api (~> 1.0)
      opentelemetry-instrumentation-base (~> 0.20.0)
    opentelemetry-instrumentation-base (0.20.0)
      opentelemetry-api (~> 1.0)
    opentelemetry-instrumentation-bunny (0.18.5)
      opentelemetry-api (~> 1.0)
      opentelemetry-instrumentation-base (~> 0.20.0)
    opentelemetry-instrumentation-concurrent_ruby (0.19.3)
      opentelemetry-api (~> 1.0)
      opentelemetry-instrumentation-base (~> 0.20.0)
    opentelemetry-instrumentation-dalli (0.21.0)
      opentelemetry-api (~> 1.0)
      opentelemetry-common (~> 0.19.3)
      opentelemetry-instrumentation-base (~> 0.20.0)
    opentelemetry-instrumentation-delayed_job (0.18.5)
      opentelemetry-api (~> 1.0)
      opentelemetry-instrumentation-base (~> 0.20.0)
    opentelemetry-instrumentation-ethon (0.19.5)
      opentelemetry-api (~> 1.0)
      opentelemetry-common (~> 0.19.3)
      opentelemetry-instrumentation-base (~> 0.20.0)
    opentelemetry-instrumentation-excon (0.19.5)
      opentelemetry-api (~> 1.0)
      opentelemetry-common (~> 0.19.3)
      opentelemetry-instrumentation-base (~> 0.20.0)
    opentelemetry-instrumentation-faraday (0.20.1)
      opentelemetry-api (~> 1.0)
      opentelemetry-common (~> 0.19.3)
      opentelemetry-instrumentation-base (~> 0.20.0)
    opentelemetry-instrumentation-graphql (0.19.3)
      opentelemetry-api (~> 1.0)
      opentelemetry-instrumentation-base (~> 0.20.0)
    opentelemetry-instrumentation-http (0.19.6)
      opentelemetry-api (~> 1.0)
      opentelemetry-instrumentation-base (~> 0.20.0)
    opentelemetry-instrumentation-http_client (0.19.5)
      opentelemetry-api (~> 1.0)
      opentelemetry-common (~> 0.19.3)
      opentelemetry-instrumentation-base (~> 0.20.0)
    opentelemetry-instrumentation-koala (0.18.5)
      opentelemetry-api (~> 1.0)
      opentelemetry-common (~> 0.19.3)
      opentelemetry-instrumentation-base (~> 0.20.0)
    opentelemetry-instrumentation-lmdb (0.20.0)
      opentelemetry-api (~> 1.0)
      opentelemetry-instrumentation-base (~> 0.20.0)
    opentelemetry-instrumentation-mongo (0.19.0)
      opentelemetry-api (~> 1.0)
      opentelemetry-instrumentation-base (~> 0.20.0)
    opentelemetry-instrumentation-mysql2 (0.20.1)
      opentelemetry-api (~> 1.0)
      opentelemetry-instrumentation-base (~> 0.20.0)
    opentelemetry-instrumentation-net_http (0.19.5)
      opentelemetry-api (~> 1.0)
      opentelemetry-common (~> 0.19.3)
      opentelemetry-instrumentation-base (~> 0.20.0)
    opentelemetry-instrumentation-pg (0.20.0)
      opentelemetry-api (~> 1.0)
      opentelemetry-instrumentation-base (~> 0.20.0)
    opentelemetry-instrumentation-que (0.3.0)
      opentelemetry-api (~> 1.0)
      opentelemetry-instrumentation-base (~> 0.20.0)
    opentelemetry-instrumentation-rack (0.20.2)
      opentelemetry-api (~> 1.0)
      opentelemetry-common (~> 0.19.3)
      opentelemetry-instrumentation-base (~> 0.20.0)
    opentelemetry-instrumentation-rails (0.21.0)
      opentelemetry-api (~> 1.0)
      opentelemetry-instrumentation-action_pack (~> 0.1.4)
      opentelemetry-instrumentation-action_view (~> 0.2.1)
      opentelemetry-instrumentation-active_record (~> 0.3.0)
      opentelemetry-instrumentation-active_support (~> 0.1.0)
      opentelemetry-instrumentation-base (~> 0.20.0)
    opentelemetry-instrumentation-rdkafka (0.1.0)
      opentelemetry-api (~> 1.0.0)
      opentelemetry-common (~> 0.19.3)
      opentelemetry-instrumentation-base (~> 0.20.0)
    opentelemetry-instrumentation-redis (0.22.0)
      opentelemetry-api (~> 1.0)
      opentelemetry-common (~> 0.19.3)
      opentelemetry-instrumentation-base (~> 0.20.0)
    opentelemetry-instrumentation-resque (0.2.0)
      opentelemetry-api (~> 1.0)
      opentelemetry-instrumentation-base (~> 0.20.0)
    opentelemetry-instrumentation-restclient (0.19.4)
      opentelemetry-api (~> 1.0)
      opentelemetry-common (~> 0.19.3)
      opentelemetry-instrumentation-base (~> 0.20.0)
    opentelemetry-instrumentation-ruby_kafka (0.18.6)
      opentelemetry-api (~> 1.0)
      opentelemetry-instrumentation-base (~> 0.20.0)
    opentelemetry-instrumentation-sidekiq (0.21.0)
      opentelemetry-api (~> 1.0)
      opentelemetry-common (~> 0.19.3)
      opentelemetry-instrumentation-base (~> 0.20.0)
    opentelemetry-instrumentation-sinatra (0.19.4)
      opentelemetry-api (~> 1.0)
      opentelemetry-common (~> 0.19.3)
      opentelemetry-instrumentation-base (~> 0.20.0)
    opentelemetry-instrumentation-trilogy (0.50.2)
      opentelemetry-api (~> 1.0)
      opentelemetry-instrumentation-base (~> 0.20.0)
      opentelemetry-semantic_conventions (>= 1.8.0)
    opentelemetry-registry (0.1.0)
      opentelemetry-api (~> 1.0.1)
    opentelemetry-sdk (1.1.0)
      opentelemetry-api (~> 1.0)
      opentelemetry-common (~> 0.19.3)
      opentelemetry-registry (~> 0.1)
      opentelemetry-semantic_conventions
    opentelemetry-semantic_conventions (1.8.0)
      opentelemetry-api (~> 1.0)
    pony (1.13.1)
      mail (>= 2.0)
    puma (5.6.4)
      nio4r (~> 2.0)
    rack (2.2.3.1)
    rack-protection (2.2.0)
      rack
    ruby2_keywords (0.0.5)
    sinatra (2.2.0)
      mustermann (~> 1.0)
      rack (~> 2.2)
      rack-protection (= 2.2.0)
      tilt (~> 2.0)
    tilt (2.0.10)
    timeout (0.3.0)

PLATFORMS
  arm64-darwin-21
  arm64-darwin-22

DEPENDENCIES
  net-smtp (~> 0.3)
  opentelemetry-exporter-otlp (~> 0.21)
  opentelemetry-instrumentation-all (~> 0.24.1)
  opentelemetry-instrumentation-sinatra (~> 0.19)
  opentelemetry-sdk (~> 1.1)
  pony (~> 1.13)
  puma (~> 5.6)
  sinatra (~> 2.2)

BUNDLED WITH
   2.3.7
